GEM
  remote: https://rubygems.org/
  specs:
    exifr (1.3.10)
    nokogiri (1.13.10-arm64-darwin)
      racc (~> 1.4)
    progressbar (1.11.0)
    racc (1.6.2)

PLATFORMS
  arm64-darwin-21

DEPENDENCIES
  exifr
  nokogiri
  progressbar

BUNDLED WITH
   2.3.26
